GEM
  remote: http://rubygems.org/
  specs:
    git (1.2.5)
    httpclient (2.2.0.2)
    jeweler (1.5.2)
      bundler (~> 1.0.0)
      git (>= 1.2.5)
      rake
    json (1.4.6)
    nokogiri (1.4.4)
    rake (0.8.7)
    rcov (0.9.9)
    shoulda (2.11.3)
    sucker (1.5.0.1)
      httpclient (~> 2.2.0.2)
      nokogiri (~> 1.4.0)

PLATFORMS
  ruby

DEPENDENCIES
  bundler (~> 1.0.0)
  jeweler (~> 1.5.2)
  json
  nokogiri (>= 1.4.4)
  rcov
  shoulda
  sucker (~> 1.5)
